GEM
  remote: http://rubygems.org/
  specs:
    SNMP4JR (0.0.17)
    abstract (1.0.0)
    actionmailer (3.0.7)
      actionpack (= 3.0.7)
      mail (~> 2.2.15)
    actionpack (3.0.7)
      activemodel (= 3.0.7)
      activesupport (= 3.0.7)
      builder (~> 2.1.2)
      erubis (~> 2.6.6)
      i18n (~> 0.5.0)
      rack (~> 1.2.1)
      rack-mount (~> 0.6.14)
      rack-test (~> 0.5.7)
      tzinfo (~> 0.3.23)
    activemodel (3.0.7)
      activesupport (= 3.0.7)
      builder (~> 2.1.2)
      i18n (~> 0.5.0)
    activerecord (3.0.7)
      activemodel (= 3.0.7)
      activesupport (= 3.0.7)
      arel (~> 2.0.2)
      tzinfo (~> 0.3.23)
    activerecord-jdbc-adapter (1.1.1)
    activerecord-jdbcpostgresql-adapter (1.1.1)
      activerecord-jdbc-adapter (= 1.1.1)
      jdbc-postgres (~> 9.0.0)
    activeresource (3.0.7)
      activemodel (= 3.0.7)
      activesupport (= 3.0.7)
    activesupport (3.0.7)
    arel (2.0.9)
    bouncy-castle-java (1.5.0146.1)
    builder (2.1.2)
    erubis (2.6.6)
      abstract (>= 1.0.0)
    i18n (0.5.0)
    jdbc-postgres (9.0.801)
    jmx (0.7)
    jruby-openssl (0.7.4)
      bouncy-castle-java
    mail (2.2.19)
      activesupport (>= 2.3.6)
      i18n (>= 0.4.0)
      mime-types (~> 1.16)
      treetop (~> 1.4.8)
    mime-types (1.16)
    polyglot (0.3.1)
    rack (1.2.2)
    rack-mount (0.6.14)
      rack (>= 1.0.0)
    rack-test (0.5.7)
      rack (>= 1.0)
    rails (3.0.7)
      actionmailer (= 3.0.7)
      actionpack (= 3.0.7)
      activerecord (= 3.0.7)
      activeresource (= 3.0.7)
      activesupport (= 3.0.7)
      bundler (~> 1.0)
      railties (= 3.0.7)
    railties (3.0.7)
      actionpack (= 3.0.7)
      activesupport (= 3.0.7)
      rake (>= 0.8.7)
      thor (~> 0.14.4)
    rake (0.8.7)
    thor (0.14.6)
    torquebox (1.0.0)
      torquebox-base (= 1.0.0)
      torquebox-messaging (= 1.0.0)
      torquebox-naming (= 1.0.0)
      torquebox-rake-support (= 1.0.0)
      torquebox-vfs (= 1.0.0)
      torquebox-web (= 1.0.0)
    torquebox-base (1.0.0-java)
    torquebox-messaging (1.0.0-java)
      torquebox-base (= 1.0.0)
      torquebox-naming (= 1.0.0)
    torquebox-naming (1.0.0-java)
    torquebox-rake-support (1.0.0)
    torquebox-vfs (1.0.0-java)
    torquebox-web (1.0.0-java)
    treetop (1.4.9)
      polyglot (>= 0.3.1)
    tzinfo (0.3.27)

PLATFORMS
  java

DEPENDENCIES
  SNMP4JR
  activerecord-jdbc-adapter
  activerecord-jdbcpostgresql-adapter
  jdbc-postgres
  jmx
  jruby-openssl
  rails (= 3.0.7)
  torquebox
  torquebox-rake-support
